GEM
  remote: https://rubygems.org/
  specs:
    addressable (2.5.2)
      public_suffix (>= 2.0.2, < 4.0)
    algoliasearch (1.19.1)
      httpclient (~> 2.8.3)
      json (>= 1.5.1)
    algoliasearch-jekyll (0.8.2)
      algoliasearch (~> 1.4)
      appraisal (~> 2.1.0)
      awesome_print (~> 1.6)
      json (>= 1.8.6)
      nokogiri (~> 1.7, >= 1.7.2)
      verbal_expressions (~> 0.1.5)
    appraisal (2.1.0)
      bundler
      rake
      thor (>= 0.14.0)
    awesome_print (1.8.0)
    aws-sdk (1.8.5)
      json (~> 1.4)
      nokogiri (>= 1.4.4)
      uuidtools (~> 2.1)
    colorator (1.1.0)
    colored (1.2)
    configure-s3-website (1.7.3)
      deep_merge (~> 1.0.0)
    deep_merge (1.0.1)
    erubis (2.7.0)
    ffi (1.9.18)
    filey-diff (1.4.3)
    forwardable-extended (2.6.0)
    httpclient (2.8.3)
    jekyll (3.4.3)
      addressable (~> 2.4)
      colorator (~> 1.0)
      jekyll-sass-converter (~> 1.0)
      jekyll-watch (~> 1.1)
      kramdown (~> 1.3)
      liquid (~> 3.0)
      mercenary (~> 0.3.3)
      pathutil (~> 0.9)
      rouge (~> 1.7)
      safe_yaml (~> 1.0)
    jekyll-last-modified-at (1.0.1)
      jekyll (~> 3.3)
      posix-spawn (~> 0.3.9)
    jekyll-pandoc (2.0.1)
      jekyll (>= 3.0)
      pandoc-ruby (~> 2.0, >= 2.0.0)
    jekyll-s3 (3.2.0)
      aws-sdk (~> 1.8.5)
      configure-s3-website (~> 1)
      erubis (~> 2.7.0)
      filey-diff (~> 1)
      mime-types (= 1.19)
      simple-cloudfront-invalidator (~> 1)
    jekyll-sass-converter (1.5.1)
      sass (~> 3.4)
    jekyll-sitemap (1.1.1)
      jekyll (~> 3.3)
    jekyll-toc (0.4.0)
      nokogiri (~> 1.6)
    jekyll-watch (1.5.1)
      listen (~> 3.0)
    json (1.8.6)
    kramdown (1.16.2)
    liquid (3.0.6)
    listen (3.1.5)
      rb-fsevent (~> 0.9, >= 0.9.4)
      rb-inotify (~> 0.9, >= 0.9.7)
      ruby_dep (~> 1.2)
    mercenary (0.3.6)
    mime-types (1.19)
    mini_portile2 (2.3.0)
    nokogiri (1.8.1)
      mini_portile2 (~> 2.3.0)
    pandoc-ruby (2.0.2)
    pathutil (0.16.1)
      forwardable-extended (~> 2.6)
    posix-spawn (0.3.13)
    public_suffix (3.0.1)
    rake (12.3.0)
    rb-fsevent (0.10.2)
    rb-inotify (0.9.10)
      ffi (>= 0.5.0, < 2)
    rouge (1.11.1)
    ruby_dep (1.5.0)
    safe_yaml (1.0.4)
    sass (3.4.23)
    simple-cloudfront-invalidator (1.1.0)
      colored (= 1.2)
    thor (0.20.0)
    uuidtools (2.1.5)
    verbal_expressions (0.1.5)

PLATFORMS
  ruby

DEPENDENCIES
  algoliasearch-jekyll (~> 0.8.0)
  jekyll (= 3.4.3)
  jekyll-last-modified-at
  jekyll-pandoc
  jekyll-s3
  jekyll-sitemap
  jekyll-toc
  nokogiri (~> 1.8.1)
  sass (= 3.4.23)
  tzinfo-data

RUBY VERSION
   ruby 2.3.3p222

BUNDLED WITH
   1.13.6
